GEM
  remote: http://rubygems.org/
  specs:
    haml (4.0.0)
      tilt
    rack (1.5.2)
    rack-protection (1.4.0)
      rack
    redis (3.0.3)
    sinatra (1.3.5)
      rack (~> 1.4)
      rack-protection (~> 1.3)
      tilt (~> 1.3, >= 1.3.3)
    tilt (1.3.5)

PLATFORMS
  ruby

DEPENDENCIES
  haml
  redis
  sinatra
